GEM
  remote: https://rubygems.org/
  specs:
    diff-lcs (1.3)
    file-tail (1.2.0)
      tins (~> 1.0)
    rspec (3.9.0)
      rspec-core (~> 3.9.0)
      rspec-expectations (~> 3.9.0)
      rspec-mocks (~> 3.9.0)
    rspec-core (3.9.1)
      rspec-support (~> 3.9.1)
    rspec-expectations (3.9.0)
      diff-lcs (>= 1.2.0, < 2.0)
      rspec-support (~> 3.9.0)
    rspec-mocks (3.9.1)
      diff-lcs (>= 1.2.0, < 2.0)
      rspec-support (~> 3.9.0)
    rspec-support (3.9.2)
    sync (0.5.0)
    tins (1.24.0)
      sync

PLATFORMS
  ruby

DEPENDENCIES
  file-tail
  rspec

BUNDLED WITH
   2.1.2
